GEM
  remote: http://rubygems.org/
  specs:
    rack (1.4.1)
    rack-contrib (1.1.0)
      rack (>= 0.9.1)
    rack-ssl (1.3.3)
      rack

PLATFORMS
  ruby

DEPENDENCIES
  rack
  rack-contrib
  rack-ssl
